GEM
  remote: https://rubygems.org/
  specs:
    dotenv (1.0.2)
    execjs (2.3.0)
    foreman (0.77.0)
      dotenv (~> 1.0.2)
      thor (~> 0.19.1)
    hike (1.2.3)
    multi_json (1.10.1)
    rack (1.6.0)
    rack-protection (1.5.3)
      rack
    react-jsx-sprockets (0.2.0)
      execjs (>= 1.2.9)
      sprockets (>= 2.0.3)
      tilt (>= 1.3.3)
      yajl-ruby
    redis (3.2.1)
    rufus-scheduler (3.0.9)
      tzinfo
    sass (3.4.12)
    sinatra (1.4.5)
      rack (~> 1.4)
      rack-protection (~> 1.4)
      tilt (~> 1.3, >= 1.3.4)
    sprockets (2.12.3)
      hike (~> 1.2)
      multi_json (~> 1.0)
      rack (~> 1.0)
      tilt (~> 1.1, != 1.3.0)
    thor (0.19.1)
    thread_safe (0.3.4)
    tilt (1.4.1)
    tzinfo (1.2.2)
      thread_safe (~> 0.1)
    yajl-ruby (1.2.1)

PLATFORMS
  ruby

DEPENDENCIES
  foreman (~> 0.77)
  react-jsx-sprockets (~> 0.2.0)
  redis (~> 3.2)
  rufus-scheduler (~> 3.0)
  sass (~> 3.4)
  sinatra (~> 1.4)
  sprockets (~> 2.12)
